GEM
  remote: https://rubygems.org/
  specs:
    awesome_print (1.8.0)
    bump (0.6.1)
    childprocess (0.9.0)
      ffi (~> 1.0, >= 1.0.11)
    ffi (1.9.25)
    highline (2.0.0)

PLATFORMS
  ruby

DEPENDENCIES
  awesome_print
  bump
  childprocess
  highline

BUNDLED WITH
   1.16.2
